GEM
  remote: https://rubygems.org/
  specs:
    nio4r (2.5.8)
    puma (5.5.2)
      nio4r (~> 2.0)
    rack (2.2.3)
    roda (3.50.0)
      rack

PLATFORMS
  x86_64-darwin-21

DEPENDENCIES
  puma
  roda

RUBY VERSION
   ruby 3.0.2p107

BUNDLED WITH
   2.2.31
